PATH
  remote: .
  specs:
    lifx-http (0.2.0)
      grape (~> 0.6)
      grape-entity (~> 0.4)
      grape-swagger (~> 0.7)
      lifx (= 0.4.5)
      mdns (>= 0.1.1)
      rack (~> 1.5)
      rack-cors (~> 0.2)

GEM
  remote: https://rubygems.org/
  specs:
    activesupport (4.0.4)
      i18n (~> 0.6, >= 0.6.9)
      minitest (~> 4.2)
      multi_json (~> 1.3)
      thread_safe (~> 0.1)
      tzinfo (~> 0.3.37)
    atomic (1.1.16)
    axiom-types (0.1.1)
      descendants_tracker (~> 0.0.4)
      ice_nine (~> 0.11.0)
      thread_safe (~> 0.3, >= 0.3.1)
    bindata (2.0.0)
    builder (3.2.2)
    coercible (1.0.0)
      descendants_tracker (~> 0.0.1)
    configatron (3.0.2)
    descendants_tracker (0.0.4)
      thread_safe (~> 0.3, >= 0.3.1)
    equalizer (0.0.9)
    grape (0.6.1)
      activesupport
      builder
      hashie (>= 1.2.0)
      multi_json (>= 1.3.2)
      multi_xml (>= 0.5.2)
      rack (>= 1.3.0)
      rack-accept
      rack-mount
      virtus (>= 1.0.0)
    grape-entity (0.4.1)
      activesupport
      multi_json (>= 1.3.2)
    grape-swagger (0.7.2)
      grape (>= 0.2.0)
      grape-entity (>= 0.3.0)
      kramdown (>= 1.3.1)
    hashie (2.0.5)
    i18n (0.6.9)
    ice_nine (0.11.0)
    kramdown (1.3.3)
    lifx (0.4.5)
      bindata (~> 2.0)
      configatron (~> 3.0)
      timers (~> 1.0)
      yell (~> 2.0)
    mdns (0.1.1)
      net-dns (~> 0.8)
    minitest (4.7.5)
    multi_json (1.9.2)
    multi_xml (0.5.5)
    net-dns (0.8.0)
    rack (1.5.2)
    rack-accept (0.4.5)
      rack (>= 0.4)
    rack-cors (0.2.9)
    rack-mount (0.8.3)
      rack (>= 1.0.0)
    rake (10.2.2)
    thread_safe (0.3.1)
      atomic (>= 1.1.7, < 2)
    timers (1.1.0)
    tzinfo (0.3.39)
    virtus (1.0.2)
      axiom-types (~> 0.1)
      coercible (~> 1.0)
      descendants_tracker (~> 0.0.3)
      equalizer (~> 0.0.9)
    yell (2.0.4)

PLATFORMS
  ruby

DEPENDENCIES
  bundler (~> 1.3)
  lifx-http!
  rake (~> 10.1)
